GEM
  remote: https://rubygems.org/
  specs:
    connection_pool (2.5.3)
    dotenv (3.1.8)
    openai (0.5.0)
      connection_pool

PLATFORMS
  arm64-darwin-24
  ruby

DEPENDENCIES
  dotenv
  openai

BUNDLED WITH
   2.6.8
